GEM
  remote: https://rubygems.org/
  specs:
    gravatar-api (0.1.4)

PLATFORMS
  ruby

DEPENDENCIES
  gravatar-api
